PATH
  remote: .
  specs:
    yakg (0.1.11)

GEM
  remote: https://rubygems.org/
  specs:
    corefoundation (0.2.0)
      ffi
    diff-lcs (1.2.5)
    excon (0.16.10)
    ffi (1.9.10)
    highline (1.6.21)
    netrc (0.10.3)
    rake (10.4.2)
    rspec (3.3.0)
      rspec-core (~> 3.3.0)
      rspec-expectations (~> 3.3.0)
      rspec-mocks (~> 3.3.0)
    rspec-core (3.3.2)
      rspec-support (~> 3.3.0)
    rspec-expectations (3.3.1)
      diff-lcs (>= 1.2.0, < 2.0)
      rspec-support (~> 3.3.0)
    rspec-mocks (3.3.2)
      diff-lcs (>= 1.2.0, < 2.0)
      rspec-support (~> 3.3.0)
    rspec-support (3.3.0)
    woof_util (0.0.18)
      excon (~> 0.16.10)
      highline (~> 1.6.15)

PLATFORMS
  ruby

DEPENDENCIES
  corefoundation (~> 0.2)
  ffi (~> 1.9)
  netrc (~> 0.10)
  rake (~> 10)
  rspec (~> 3)
  woof_util (~> 0)
  yakg!

BUNDLED WITH
   1.12.5
